PATH
  remote: .
  specs:
    plastic_cup (0.0.2)

GEM
  remote: https://rubygems.org/
  specs:
    rake (10.1.0)

PLATFORMS
  ruby

DEPENDENCIES
  plastic_cup!
  rake
