PATH
  remote: .
  specs:
    plastic_cup (0.1.3)

GEM
  remote: https://rubygems.org/
  specs:
    motion-stump (0.3.0)
    rake (10.1.0)

PLATFORMS
  ruby

DEPENDENCIES
  motion-stump
  plastic_cup!
  rake
